GEM
  remote: https://rubygems.org/
  specs:
    builder (3.2.2)
    diff-lcs (1.2.4)
    facter (1.7.1)
    hiera (1.2.1)
      json_pure
    json_pure (1.8.0)
    kwalify (0.7.2)
    metaclass (0.0.1)
    mocha (0.14.0)
      metaclass (~> 0.0.1)
    net-scp (1.1.1)
      net-ssh (>= 2.6.5)
    net-ssh (2.6.7)
    nokogiri (1.5.10)
    puppet (3.2.2)
      facter (~> 1.6)
      hiera (~> 1.0)
      rgen (~> 0.6)
    puppet-lint (0.3.2)
    puppet-syntax (0.0.4)
      puppet (>= 2.7.0)
      rake
    puppetlabs_spec_helper (0.4.1)
      mocha (>= 0.10.5)
      rake
      rspec (>= 2.9.0)
      rspec-puppet (>= 0.1.1)
    rake (10.1.0)
    rbvmomi (1.6.0)
      builder
      nokogiri (>= 1.4.1)
      trollop
    rgen (0.6.5)
    rspec (2.13.0)
      rspec-core (~> 2.13.0)
      rspec-expectations (~> 2.13.0)
      rspec-mocks (~> 2.13.0)
    rspec-core (2.13.1)
    rspec-expectations (2.13.0)
      diff-lcs (>= 1.1.3, < 2.0)
    rspec-mocks (2.13.1)
    rspec-puppet (0.1.6)
      rspec
    rspec-system (2.1.0)
      kwalify (~> 0.7.2)
      net-scp (~> 1.1)
      net-ssh (~> 2.6)
      nokogiri (~> 1.5.9)
      rbvmomi (~> 1.6)
      rspec (~> 2.13)
      systemu (~> 2.5)
    rspec-system-puppet (2.0.0)
      rspec-system (~> 2.0)
    systemu (2.5.2)
    trollop (2.0)

PLATFORMS
  ruby

DEPENDENCIES
  puppet (~> 3.2.0)
  puppet-lint
  puppet-syntax
  puppetlabs_spec_helper
  rake
  rspec-puppet
  rspec-system-puppet
